PATH
  remote: .
  specs:
    stub_server (0.4.1)
      rack

GEM
  remote: https://rubygems.org/
  specs:
    ast (2.4.0)
    bump (0.5.4)
    json (2.1.0)
    maxitest (2.8.0)
      minitest (>= 5.0.0, < 5.12.0)
    metaclass (0.0.4)
    minitest (5.11.3)
    mocha (1.4.0)
      metaclass (~> 0.0.1)
    parallel (1.12.1)
    parser (2.5.0.5)
      ast (~> 2.4.0)
    powerpack (0.1.1)
    rack (2.0.7)
    rainbow (3.0.0)
    rake (12.3.1)
    rubocop (0.54.0)
      parallel (~> 1.10)
      parser (>= 2.5)
      powerpack (~> 0.1)
      rainbow (>= 2.2.2, < 4.0)
      ruby-progressbar (~> 1.7)
      unicode-display_width (~> 1.0, >= 1.0.1)
    ruby-progressbar (1.9.0)
    single_cov (1.0.0)
    unicode-display_width (1.3.0)
    wwtd (1.3.0)

PLATFORMS
  ruby

DEPENDENCIES
  bump
  json
  maxitest
  mocha
  rake
  rubocop
  single_cov
  stub_server!
  wwtd

BUNDLED WITH
   1.16.6
